GEM
  remote: https://rubygems.org/
  specs:
    faraday (0.8.4)
      multipart-post (~> 1.1)
    faraday_middleware (0.8.8)
      faraday (>= 0.7.4, < 0.9)
    faraday_middleware-parse_oj (0.1)
      faraday_middleware (~> 0.8)
      oj (~> 1.2)
    hashie (1.2.0)
    httpauth (0.1)
    jwt (0.1.5)
      multi_json (>= 1.0)
    multi_json (1.3.6)
    multipart-post (1.1.5)
    oauth2 (0.8.0)
      faraday (~> 0.8)
      httpauth (~> 0.1)
      jwt (~> 0.1.4)
      multi_json (~> 1.0)
      rack (~> 1.2)
    oj (1.3.4)
    rack (1.4.1)
    vkontakte_api (1.0.3)
      faraday (~> 0.8)
      faraday_middleware (~> 0.8)
      faraday_middleware-parse_oj (~> 0.1)
      hashie (~> 1.2)
      oauth2 (~> 0.8)

PLATFORMS
  ruby

DEPENDENCIES
  vkontakte_api
